GIT
  remote: git://github.com/miepleinc/capistrano-unicorn.git
  revision: 4944cabb0c3872ed333ed1d8130c1bcce06d8203
  specs:
    capistrano-unicorn (0.1.6)
      capistrano

GIT
  remote: git://github.com/rails/arel.git
  revision: cd0509d9920ef39a86a5c9781b3f1fe38e3c8068
  specs:
    arel (5.0.0.20131118174145)

GIT
  remote: git://github.com/rails/coffee-rails.git
  revision: 471ae515b57d484d494eba7e0a1f1016ebcc57e4
  specs:
    coffee-rails (4.0.1)
      coffee-script (>= 2.2.0)
      railties (>= 4.0.0, < 5.0)

GIT
  remote: git://github.com/rails/rails.git
  revision: e868c9b65265e220109e37919e753fc1899b63f4
  branch: fxn/string-pools
  specs:
    actionmailer (4.1.0.beta)
      actionpack (= 4.1.0.beta)
      actionview (= 4.1.0.beta)
      mail (~> 2.5.4)
    actionpack (4.1.0.beta)
      activesupport (= 4.1.0.beta)
      rack (~> 1.5.2)
      rack-test (~> 0.6.2)
    actionview (4.1.0.beta)
      activesupport (= 4.1.0.beta)
      builder (~> 3.1.0)
      erubis (~> 2.7.0)
    activemodel (4.1.0.beta)
      activesupport (= 4.1.0.beta)
      builder (~> 3.1.0)
    activerecord (4.1.0.beta)
      activemodel (= 4.1.0.beta)
      activesupport (= 4.1.0.beta)
      arel (~> 5.0.0)
    activesupport (4.1.0.beta)
      i18n (~> 0.6, >= 0.6.4)
      json (~> 1.7, >= 1.7.7)
      minitest (~> 5.0)
      thread_safe (~> 0.1)
      tzinfo (~> 1.1)
    rails (4.1.0.beta)
      actionmailer (= 4.1.0.beta)
      actionpack (= 4.1.0.beta)
      actionview (= 4.1.0.beta)
      activemodel (= 4.1.0.beta)
      activerecord (= 4.1.0.beta)
      activesupport (= 4.1.0.beta)
      bundler (>= 1.3.0, < 2.0)
      railties (= 4.1.0.beta)
      sprockets-rails (~> 2.0.0)
    railties (4.1.0.beta)
      actionpack (= 4.1.0.beta)
      activesupport (= 4.1.0.beta)
      rake (>= 0.8.7)
      thor (>= 0.18.1, < 2.0)

GIT
  remote: git://github.com/rails/sass-rails.git
  revision: 0fcdff806511d0cfaf0bf379f3530ad11cb16f5c
  specs:
    sass-rails (4.0.1)
      railties (>= 4.0.0, < 5.0)
      sass (>= 3.2.0)
      sprockets-rails (~> 2.0.0)

GIT
  remote: git://github.com/rails/sprockets-rails.git
  revision: 6a03c314bec3a84a3f6c8076bf058b33ed672a13
  specs:
    sprockets-rails (2.0.1)
      actionpack (>= 3.0)
      activesupport (>= 3.0)
      sprockets (~> 2.8)

GEM
  remote: https://rubygems.org/
  specs:
    actionpack-page_caching (1.0.0)
      actionpack (>= 4.0.0.beta, < 5.0)
    atomic (1.1.14)
    benchmark-ips (1.2.0)
    benchmark_suite (1.0.0)
      benchmark-ips (~> 1.0)
    builder (3.1.4)
    capistrano (2.15.5)
      highline
      net-scp (>= 1.0.0)
      net-sftp (>= 2.0.0)
      net-ssh (>= 2.0.14)
      net-ssh-gateway (>= 1.1.0)
    chronic (0.9.1)
    coffee-script (2.2.0)
      coffee-script-source
      execjs
    coffee-script-source (1.6.3)
    delorean (2.1.0)
      chronic
    erubis (2.7.0)
    execjs (1.4.0)
      multi_json (~> 1.0)
    highline (1.6.19)
    hike (1.2.3)
    i18n (0.6.5)
    json (1.8.1)
    kgio (2.8.0)
    mail (2.5.4)
      mime-types (~> 1.16)
      treetop (~> 1.4.8)
    mime-types (1.25.1)
    minitest (5.0.8)
    multi_json (1.8.2)
    mysql2 (0.3.13)
    net-scp (1.1.2)
      net-ssh (>= 2.6.5)
    net-sftp (2.1.2)
      net-ssh (>= 2.6.5)
    net-ssh (2.6.8)
    net-ssh-gateway (1.2.0)
      net-ssh (>= 2.6.5)
    polyglot (0.3.3)
    rack (1.5.2)
    rack-test (0.6.2)
      rack (>= 1.0)
    raindrops (0.11.0)
    rake (10.1.0)
    rugged (0.17.0.b7)
    rvm-capistrano (1.4.1)
      capistrano (>= 2.0.0)
    sass (3.2.12)
    sprockets (2.10.1)
      hike (~> 1.2)
      multi_json (~> 1.0)
      rack (~> 1.0)
      tilt (~> 1.1, != 1.3.0)
    thor (0.18.1)
    thread_safe (0.1.3)
      atomic
    tilt (1.4.1)
    treetop (1.4.15)
      polyglot
      polyglot (>= 0.3.1)
    turbolinks (1.3.0)
      coffee-rails
    tzinfo (1.1.0)
      thread_safe (~> 0.1)
    uglifier (2.1.2)
      execjs (>= 0.3.0)
      multi_json (~> 1.0, >= 1.0.2)
    unf (0.1.1)
      unf_ext
    unf_ext (0.0.6)
    unicorn (4.6.3)
      kgio (~> 2.6)
      rack
      raindrops (~> 0.7)

PLATFORMS
  ruby

DEPENDENCIES
  actionpack-page_caching
  arel!
  benchmark_suite
  capistrano
  capistrano-unicorn!
  coffee-rails!
  delorean
  mysql2
  rails!
  rugged (= 0.17.0.b7)
  rvm-capistrano
  sass-rails!
  sprockets-rails!
  turbolinks
  uglifier (>= 1.3.0)
  unf
  unicorn
